GEM
  remote: http://rubygems.org/
  specs:
    RedCloth (4.2.3)
    actionmailer (2.0.2)
      actionpack (= 2.0.2)
    actionpack (2.0.2)
      activesupport (= 2.0.2)
    activerecord (2.0.2)
      activesupport (= 2.0.2)
    activeresource (2.0.2)
      activesupport (= 2.0.2)
    activesupport (2.0.2)
    rails (2.0.2)
      actionmailer (= 2.0.2)
      actionpack (= 2.0.2)
      activerecord (= 2.0.2)
      activeresource (= 2.0.2)
      activesupport (= 2.0.2)
      rake (>= 0.7.2)
    rake (0.8.7)

PLATFORMS
  ruby

DEPENDENCIES
  RedCloth (= 4.2.3)
  rails (= 2.0.2)
